GEM
  remote: https://rubygems.org/
  specs:
    actioncable (7.0.6)
      actionpack (= 7.0.6)
      activesupport (= 7.0.6)
      nio4r (~> 2.0)
      websocket-driver (>= 0.6.1)
    actionmailbox (7.0.6)
      actionpack (= 7.0.6)
      activejob (= 7.0.6)
      activerecord (= 7.0.6)
      activestorage (= 7.0.6)
      activesupport (= 7.0.6)
      mail (>= 2.7.1)
      net-imap
      net-pop
      net-smtp
    actionmailer (7.0.6)
      actionpack (= 7.0.6)
      actionview (= 7.0.6)
      activejob (= 7.0.6)
      activesupport (= 7.0.6)
      mail (~> 2.5, >= 2.5.4)
      net-imap
      net-pop
      net-smtp
      rails-dom-testing (~> 2.0)
    actionpack (7.0.6)
      actionview (= 7.0.6)
      activesupport (= 7.0.6)
      rack (~> 2.0, >= 2.2.4)
      rack-test (>= 0.6.3)
      rails-dom-testing (~> 2.0)
      rails-html-sanitizer (~> 1.0, >= 1.2.0)
    actiontext (7.0.6)
      actionpack (= 7.0.6)
      activerecord (= 7.0.6)
      activestorage (= 7.0.6)
      activesupport (= 7.0.6)
      globalid (>= 0.6.0)
      nokogiri (>= 1.8.5)
    actionview (7.0.6)
      activesupport (= 7.0.6)
      builder (~> 3.1)
      erubi (~> 1.4)
      rails-dom-testing (~> 2.0)
      rails-html-sanitizer (~> 1.1, >= 1.2.0)
    active_model_serializers (0.10.13)
      actionpack (>= 4.1, < 7.1)
      activemodel (>= 4.1, < 7.1)
      case_transform (>= 0.2)
      jsonapi-renderer (>= 0.1.1.beta1, < 0.3)
    activejob (7.0.6)
      activesupport (= 7.0.6)
      globalid (>= 0.3.6)
    activemodel (7.0.6)
      activesupport (= 7.0.6)
    activerecord (7.0.6)
      activemodel (= 7.0.6)
      activesupport (= 7.0.6)
    activestorage (7.0.6)
      actionpack (= 7.0.6)
      activejob (= 7.0.6)
      activerecord (= 7.0.6)
      activesupport (= 7.0.6)
      marcel (~> 1.0)
      mini_mime (>= 1.1.0)
    activesupport (7.0.6)
      concurrent-ruby (~> 1.0, >= 1.0.2)
      i18n (>= 1.6, < 2)
      minitest (>= 5.1)
      tzinfo (~> 2.0)
    addressable (2.8.4)
      public_suffix (>= 2.0.2, < 6.0)
    annotate (3.2.0)
      activerecord (>= 3.2, < 8.0)
      rake (>= 10.4, < 14.0)
    ast (2.4.3)
    auth_jwt_go (1.0.3)
    aws-eventstream (1.2.0)
    aws-partitions (1.798.0)
    aws-sdk-core (3.180.1)
      aws-eventstream (~> 1, >= 1.0.2)
      aws-partitions (~> 1, >= 1.651.0)
      aws-sigv4 (~> 1.5)
      jmespath (~> 1, >= 1.6.1)
    aws-sdk-kms (1.71.0)
      aws-sdk-core (~> 3, >= 3.177.0)
      aws-sigv4 (~> 1.1)
    aws-sdk-s3 (1.132.0)
      aws-sdk-core (~> 3, >= 3.179.0)
      aws-sdk-kms (~> 1)
      aws-sigv4 (~> 1.6)
    aws-sigv4 (1.6.0)
      aws-eventstream (~> 1, >= 1.0.2)
    bcrypt (3.1.19)
    bootsnap (1.16.0)
      msgpack (~> 1.2)
    builder (3.2.4)
    byebug (11.1.3)
    case_transform (0.2)
      activesupport
    caxlsx (3.4.1)
      htmlentities (~> 4.3, >= 4.3.4)
      marcel (~> 1.0)
      nokogiri (~> 1.10, >= 1.10.4)
      rubyzip (>= 1.3.0, < 3)
    coderay (1.1.3)
    concurrent-ruby (1.3.4)
    connection_pool (2.4.1)
    crass (1.0.6)
    database_cleaner (2.0.2)
      database_cleaner-active_record (>= 2, < 3)
    database_cleaner-active_record (2.1.0)
      activerecord (>= 5.a)
      database_cleaner-core (~> 2.0.0)
    database_cleaner-core (2.0.1)
    date (3.3.3)
    debug (1.8.0)
      irb (>= 1.5.0)
      reline (>= 0.3.1)
    diff-lcs (1.5.0)
    docile (1.4.0)
    dockerfile-rails (1.5.2)
      rails
    domain_name (0.5.20190701)
      unf (>= 0.0.5, < 1.0.0)
    enumerate_it (3.3.0)
      activesupport (>= 5.0.7.2)
    erubi (1.12.0)
    factory_bot (6.2.1)
      activesupport (>= 5.0.0)
    factory_bot_rails (6.2.0)
      factory_bot (~> 6.2.0)
      railties (>= 5.0.0)
    faker (2.21.0)
      i18n (>= 1.8.11, < 2)
    ffaker (2.21.0)
    figaro (1.2.0)
      thor (>= 0.14.0, < 2)
    globalid (1.1.0)
      activesupport (>= 5.0)
    htmlentities (4.3.4)
    http-accept (1.7.0)
    http-cookie (1.0.5)
      domain_name (~> 0.5)
    i18n (1.14.6)
      concurrent-ruby (~> 1.0)
    io-console (0.6.0)
    irb (1.7.4)
      reline (>= 0.3.6)
    jmespath (1.6.2)
    json (2.10.2)
    json-schema (3.0.0)
      addressable (>= 2.8)
    jsonapi-renderer (0.2.2)
    jwt (2.4.1)
    kaminari (1.2.2)
      activesupport (>= 4.1.0)
      kaminari-actionview (= 1.2.2)
      kaminari-activerecord (= 1.2.2)
      kaminari-core (= 1.2.2)
    kaminari-actionview (1.2.2)
      actionview
      kaminari-core (= 1.2.2)
    kaminari-activerecord (1.2.2)
      activerecord
      kaminari-core (= 1.2.2)
    kaminari-core (1.2.2)
    language_server-protocol (3.17.0.4)
    launchy (2.5.2)
      addressable (~> 2.8)
    letter_opener (1.8.1)
      launchy (>= 2.2, < 3)
    lint_roller (1.1.0)
    loofah (2.21.3)
      crass (~> 1.0.2)
      nokogiri (>= 1.12.0)
    mail (2.8.1)
      mini_mime (>= 0.1.1)
      net-imap
      net-pop
      net-smtp
    marcel (1.0.2)
    method_source (1.0.0)
    mime-types (3.4.1)
      mime-types-data (~> 3.2015)
    mime-types-data (3.2023.0218.1)
    mini_mime (1.1.2)
    minitest (5.25.4)
    msgpack (1.7.2)
    multi_json (1.15.0)
    net-imap (0.3.7)
      date
      net-protocol
    net-pop (0.1.2)
      net-protocol
    net-protocol (0.2.1)
      timeout
    net-smtp (0.3.3)
      net-protocol
    netrc (0.11.0)
    nio4r (2.5.9)
    nokogiri (1.15.3-x86_64-darwin)
      racc (~> 1.4)
    nokogiri (1.15.3-x86_64-linux)
      racc (~> 1.4)
    parallel (1.23.0)
    parser (3.3.7.4)
      ast (~> 2.4.1)
      racc
    pg (1.5.3)
    prism (1.4.0)
    pry (0.14.2)
      coderay (~> 1.1)
      method_source (~> 1.0)
    pry-byebug (3.10.1)
      byebug (~> 11.0)
      pry (>= 0.13, < 0.15)
    public_suffix (4.0.7)
    puma (5.6.6)
      nio4r (~> 2.0)
    racc (1.8.1)
    rack (2.2.10)
    rack-cors (1.1.1)
      rack (>= 2.0.0)
    rack-test (2.1.0)
      rack (>= 1.3)
    rails (7.0.6)
      actioncable (= 7.0.6)
      actionmailbox (= 7.0.6)
      actionmailer (= 7.0.6)
      actionpack (= 7.0.6)
      actiontext (= 7.0.6)
      actionview (= 7.0.6)
      activejob (= 7.0.6)
      activemodel (= 7.0.6)
      activerecord (= 7.0.6)
      activestorage (= 7.0.6)
      activesupport (= 7.0.6)
      bundler (>= 1.15.0)
      railties (= 7.0.6)
    rails-dom-testing (2.1.1)
      activesupport (>= 5.0.0)
      minitest
      nokogiri (>= 1.6)
    rails-html-sanitizer (1.6.0)
      loofah (~> 2.21)
      nokogiri (~> 1.14)
    railties (7.0.6)
      actionpack (= 7.0.6)
      activesupport (= 7.0.6)
      method_source
      rake (>= 12.2)
      thor (~> 1.0)
      zeitwerk (~> 2.5)
    rainbow (3.1.1)
    rake (13.0.6)
    ransack (4.0.0)
      activerecord (>= 6.1.5)
      activesupport (>= 6.1.5)
      i18n
    redis (5.0.6)
      redis-client (>= 0.9.0)
    redis-client (0.15.0)
      connection_pool
    regexp_parser (2.10.0)
    reline (0.3.7)
      io-console (~> 0.5)
    rest-client (2.1.0)
      http-accept (>= 1.7.0, < 2.0)
      http-cookie (>= 1.0.2, < 2.0)
      mime-types (>= 1.16, < 4.0)
      netrc (~> 0.8)
    roo (2.10.1)
      nokogiri (~> 1)
      rubyzip (>= 1.3.0, < 3.0.0)
    roo-xls (1.2.0)
      nokogiri
      roo (>= 2.0.0, < 3)
      spreadsheet (> 0.9.0)
    ros-apartment (2.11.0)
      activerecord (>= 5.0.0, < 7.1)
      parallel (< 2.0)
      public_suffix (>= 2.0.5, < 5.0)
      rack (>= 1.3.6, < 3.0)
    rspec-core (3.12.2)
      rspec-support (~> 3.12.0)
    rspec-expectations (3.12.3)
      diff-lcs (>= 1.2.0, < 2.0)
      rspec-support (~> 3.12.0)
    rspec-mocks (3.12.6)
      diff-lcs (>= 1.2.0, < 2.0)
      rspec-support (~> 3.12.0)
    rspec-rails (4.1.2)
      actionpack (>= 4.2)
      activesupport (>= 4.2)
      railties (>= 4.2)
      rspec-core (~> 3.10)
      rspec-expectations (~> 3.10)
      rspec-mocks (~> 3.10)
      rspec-support (~> 3.10)
    rspec-support (3.12.1)
    rswag (2.10.1)
      rswag-api (= 2.10.1)
      rswag-specs (= 2.10.1)
      rswag-ui (= 2.10.1)
    rswag-api (2.10.1)
      railties (>= 3.1, < 7.1)
    rswag-specs (2.10.1)
      activesupport (>= 3.1, < 7.1)
      json-schema (>= 2.2, < 4.0)
      railties (>= 3.1, < 7.1)
      rspec-core (>= 2.14)
    rswag-ui (2.10.1)
      actionpack (>= 3.1, < 7.1)
      railties (>= 3.1, < 7.1)
    rubocop (1.75.2)
      json (~> 2.3)
      language_server-protocol (~> 3.17.0.2)
      lint_roller (~> 1.1.0)
      parallel (~> 1.10)
      parser (>= 3.3.0.2)
      rainbow (>= 2.2.2, < 4.0)
      regexp_parser (>= 2.9.3, < 3.0)
      rubocop-ast (>= 1.44.0, < 2.0)
      ruby-progressbar (~> 1.7)
      unicode-display_width (>= 2.4.0, < 4.0)
    rubocop-ast (1.44.1)
      parser (>= 3.3.7.2)
      prism (~> 1.4)
    rubocop-capybara (2.22.1)
      lint_roller (~> 1.1)
      rubocop (~> 1.72, >= 1.72.1)
    rubocop-factory_bot (2.27.1)
      lint_roller (~> 1.1)
      rubocop (~> 1.72, >= 1.72.1)
    rubocop-performance (1.25.0)
      lint_roller (~> 1.1)
      rubocop (>= 1.75.0, < 2.0)
      rubocop-ast (>= 1.38.0, < 2.0)
    rubocop-rails (2.31.0)
      activesupport (>= 4.2.0)
      lint_roller (~> 1.1)
      rack (>= 1.1)
      rubocop (>= 1.75.0, < 2.0)
      rubocop-ast (>= 1.38.0, < 2.0)
    rubocop-rspec (2.31.0)
      rubocop (~> 1.40)
      rubocop-capybara (~> 2.17)
      rubocop-factory_bot (~> 2.22)
      rubocop-rspec_rails (~> 2.28)
    rubocop-rspec_rails (2.29.1)
      rubocop (~> 1.61)
    ruby-ole (1.2.12.2)
    ruby-progressbar (1.13.0)
    rubyzip (2.3.2)
    sentry-rails (5.10.0)
      railties (>= 5.0)
      sentry-ruby (~> 5.10.0)
    sentry-ruby (5.10.0)
      concurrent-ruby (~> 1.0, >= 1.0.2)
    simplecov (0.21.2)
      docile (~> 1.1)
      simplecov-html (~> 0.11)
      simplecov_json_formatter (~> 0.1)
    simplecov-html (0.12.3)
    simplecov_json_formatter (0.1.4)
    spreadsheet (1.3.0)
      ruby-ole
    thor (1.2.2)
    timeout (0.4.0)
    tzinfo (2.0.6)
      concurrent-ruby (~> 1.0)
    unf (0.1.4)
      unf_ext
    unf_ext (0.0.8.2)
    unicode-display_width (3.1.4)
      unicode-emoji (~> 4.0, >= 4.0.4)
    unicode-emoji (4.0.4)
    websocket-driver (0.7.6)
      websocket-extensions (>= 0.1.0)
    websocket-extensions (0.1.5)
    zeitwerk (2.6.10)
    zip-zip (0.3)
      rubyzip (>= 1.0.0)

PLATFORMS
  x86_64-darwin-21
  x86_64-darwin-22
  x86_64-linux

DEPENDENCIES
  active_model_serializers
  annotate (~> 3.2.0)
  auth_jwt_go (~> 1.0.3)
  aws-sdk-s3
  bcrypt
  bootsnap
  caxlsx (~> 3.4)
  database_cleaner (~> 2.0.1)
  debug
  dockerfile-rails (>= 1.5)
  enumerate_it (~> 3.1)
  factory_bot_rails (~> 6.2.0)
  faker (~> 2.21.0)
  ffaker
  figaro (~> 1.2.0)
  jwt (~> 2.4.1)
  kaminari
  letter_opener
  multi_json (~> 1.11, >= 1.11.2)
  pg (~> 1.1)
  pry (~> 0.14.2)
  pry-byebug
  puma (~> 5.0)
  rack-cors (~> 1.1.1)
  rails (~> 7.0.3, >= 7.0.3.1)
  ransack
  redis (~> 5.0)
  rest-client (~> 2.1.0)
  roo (~> 2.10.0)
  roo-xls
  ros-apartment
  rspec-rails (~> 4.1.2)
  rswag
  rubocop (~> 1.57)
  rubocop-performance (~> 1.19)
  rubocop-rails (~> 2.22)
  rubocop-rspec (~> 2.25)
  rubyzip (~> 2.3.0)
  sentry-rails (~> 5.10)
  sentry-ruby (~> 5.10)
  simplecov
  tzinfo-data
  zip-zip

RUBY VERSION
   ruby 3.2.2p53

BUNDLED WITH
   2.3.22
